NUGET
  remote: http://nuget.org/api/v2
  specs:
    AutoFixture (3.20.2)
    AutoFixture.AutoFoq (3.20.4)
      AutoFixture (>= 3.20.4)
      Foq (>= 1.5.1)
    AutoFixture.Xunit (3.20.4)
      AutoFixture (>= 3.20.4)
      xunit.extensions (>= 1.8.0.1549)
    FAKE (3.7.1)
    FAKE.Core (3.7.1)
    Foq (1.6)
    FSharp.Data (2.0.15)
      Zlib.Portable (>= 1.10.0)
    NuGet.CommandLine (2.8.3)
    Unquote (2.2.2)
    xunit (1.8.0.1549)
    xunit.extensions (1.8.0.1549)
      xunit (>= 1.8.0.1549)
    Zlib.Portable (1.10.0)
