NUGET
  remote: http://nuget.org/api/v2
  specs:
    AutoFixture (3.31.3)
    AutoFixture.AutoFoq (3.31.2)
      AutoFixture (>= 3.31.2)
      Foq (>= 1.5.1)
    AutoFixture.Xunit (3.31.0)
      AutoFixture (>= 3.31.0)
      xunit.extensions (>= 1.8.0.1549 < 2.0.0)
    FAKE (3.36.0)
    FAKE.Core (3.37.1)
    Foq (1.7.1)
    FSharp.Core (4.0.0.1)
    FSharp.Data (2.2.5)
      Zlib.Portable (>= 1.10.0)
    NuGet.CommandLine (2.8.6)
    Unquote (2.2.2)
    xunit (1.8.0.1549)
    xunit.extensions (1.8.0.1549)
      xunit (>= 1.8.0.1549)
    xunit.runners (2.0.0)
    Zlib.Portable (1.11.0) - framework: portable-net40+sl50+wp80+win80
